PATH
  remote: .
  specs:
    jekyll-plantuml_hook (0.1.0)

GEM
  remote: https://rubygems.org/
  specs:
    minitest (5.11.1)
    rake (10.5.0)

PLATFORMS
  ruby

DEPENDENCIES
  bundler
  jekyll-plantuml_hook!
  minitest
  rake

BUNDLED WITH
   1.16.1
