PATH
  remote: .
  specs:
    jekyll-plantuml_hook (0.1.0)

GEM
  remote: https://rubygems.org/
  specs:
    coderay (1.1.2)
    method_source (0.9.0)
    minitest (5.11.1)
    pry (0.11.3)
      coderay (~> 1.1.0)
      method_source (~> 0.9.0)
    rake (10.5.0)

PLATFORMS
  ruby

DEPENDENCIES
  bundler
  jekyll-plantuml_hook!
  minitest
  pry
  rake

BUNDLED WITH
   1.16.1
